GIT
  remote: https://github.com/ortegacmanuel/kroniko.git
  revision: bdfd33a858479d2b91e74f2d554bb4ccc11f71a9
  specs:
    kroniko (0.1.0)
      fileutils
      json
      securerandom
      thread

GEM
  remote: https://rubygems.org/
  specs:
    base64 (0.2.0)
    date (3.4.1)
    debug (1.10.0)
      irb (~> 1.10)
      reline (>= 0.3.8)
    fileutils (1.7.3)
    io-console (0.8.0)
    irb (1.15.2)
      pp (>= 0.6.0)
      rdoc (>= 4.0.0)
      reline (>= 0.4.2)
    json (2.12.0)
    logger (1.7.0)
    multi_json (1.15.0)
    mustermann (3.0.3)
      ruby2_keywords (~> 0.0.1)
    nio4r (2.7.4)
    pp (0.6.2)
      prettyprint
    prettyprint (0.2.0)
    psych (5.2.6)
      date
      stringio
    puma (6.6.0)
      nio4r (~> 2.0)
    rack (3.1.14)
    rack-protection (4.1.1)
      base64 (>= 0.1.0)
      logger (>= 1.6.0)
      rack (>= 3.0.0, < 4)
    rack-session (2.1.1)
      base64 (>= 0.1.0)
      rack (>= 3.0.0)
    rackup (2.2.1)
      rack (>= 3)
    rdoc (6.13.1)
      psych (>= 4.0.0)
    reline (0.6.1)
      io-console (~> 0.5)
    ruby2_keywords (0.0.5)
    securerandom (0.4.1)
    sinatra (4.1.1)
      logger (>= 1.6.0)
      mustermann (~> 3.0)
      rack (>= 3.0.0, < 4)
      rack-protection (= 4.1.1)
      rack-session (>= 2.0.0, < 3)
      tilt (~> 2.0)
    sinatra-contrib (4.1.1)
      multi_json (>= 0.0.2)
      mustermann (~> 3.0)
      rack-protection (= 4.1.1)
      sinatra (= 4.1.1)
      tilt (~> 2.0)
    stringio (3.1.7)
    thread (0.2.2)
    tilt (2.6.0)

PLATFORMS
  ruby
  x86_64-linux

DEPENDENCIES
  debug
  json
  kroniko!
  puma
  rackup
  sinatra
  sinatra-contrib

BUNDLED WITH
   2.6.8
